GEM
  remote: https://rubygems.org/
  specs:
    celluloid (0.16.0)
      timers (~> 4.0.0)
    ffi (1.9.5)
    hitimes (1.2.2)
    listen (2.7.11)
      celluloid (>= 0.15.2)
      rb-fsevent (>= 0.9.3)
      rb-inotify (>= 0.9)
    netrc (0.7.7)
    rack (1.5.2)
    rb-fsevent (0.9.4)
    rb-inotify (0.9.5)
      ffi (>= 0.5.0)
    rerun (0.10.0)
      listen (~> 2.7, >= 2.7.3)
    rest_client (1.7.3)
      netrc (~> 0.7.7)
    sinatra (1.1.0)
      rack (~> 1.1)
      tilt (~> 1.1)
    tilt (1.4.1)
    timers (4.0.1)
      hitimes

PLATFORMS
  ruby

DEPENDENCIES
  rerun
  rest_client
  sinatra (= 1.1.0)
